GEM
  remote: https://rubygems.org/
  specs:
    ast (2.3.0)
    minitest (5.10.3)
    parser (2.4.0.0)
      ast (~> 2.2)
    rake (12.0.0)

PLATFORMS
  ruby

DEPENDENCIES
  minitest
  parser
  rake

BUNDLED WITH
   1.14.6
